GEM
  remote: https://rubygems.org/
  specs:
    Ascii85 (2.0.1)
    afm (1.0.0)
    bigdecimal (3.3.1)
    cliver (0.3.2)
    colorize (1.1.0)
    hashery (2.1.2)
    mini_magick (4.13.2)
    pdf-reader (2.15.0)
      Ascii85 (>= 1.0, < 3.0, != 2.0.0)
      afm (>= 0.2.1, < 2)
      hashery (~> 2.0)
      ruby-rc4
      ttfunk
    pdftotext (0.2.1)
      cliver (~> 0.3)
    ruby-rc4 (0.1.5)
    table_print (1.5.7)
    thor (1.4.0)
    ttfunk (1.8.0)
      bigdecimal (~> 3.1)

PLATFORMS
  ruby
  x86_64-linux

DEPENDENCIES
  colorize (~> 1.1)
  mini_magick (~> 4.12)
  pdf-reader (~> 2.12)
  pdftotext (~> 0.2)
  table_print (~> 1.5)
  thor (~> 1.3)

BUNDLED WITH
   2.7.1
